PATH
  remote: .
  specs:
    mkbrut (0.16.0)

GEM
  remote: https://rubygems.org/
  specs:
    rake (13.3.0)

PLATFORMS
  aarch64-linux
  ruby

DEPENDENCIES
  mkbrut!
  rake

BUNDLED WITH
   2.7.2
