PATH
  remote: .
  specs:
    mkbrut (0.12.1)

GEM
  remote: https://rubygems.org/
  specs:
    rake (13.3.0)

PLATFORMS
  aarch64-linux

DEPENDENCIES
  mkbrut!
  rake

BUNDLED WITH
   2.7.1
